PATH
  remote: .
  specs:
    strait (1.1.0)
      connection_pool (>= 2.0, < 3.0)
      redis (~> 4.0, >= 3.0)

GEM
  remote: https://rubygems.org/
  specs:
    connection_pool (2.2.2)
    diff-lcs (1.3)
    docile (1.3.2)
    mock_redis (0.22.0)
    rake (13.0.1)
    redis (4.1.3)
    rspec (3.9.0)
      rspec-core (~> 3.9.0)
      rspec-expectations (~> 3.9.0)
      rspec-mocks (~> 3.9.0)
    rspec-core (3.9.0)
      rspec-support (~> 3.9.0)
    rspec-expectations (3.9.0)
      diff-lcs (>= 1.2.0, < 2.0)
      rspec-support (~> 3.9.0)
    rspec-mocks (3.9.0)
      diff-lcs (>= 1.2.0, < 2.0)
      rspec-support (~> 3.9.0)
    rspec-support (3.9.0)
    simplecov (0.18.2)
      docile (~> 1.1)
      simplecov-html (~> 0.11)
    simplecov-html (0.12.0)
    timecop (0.9.1)

PLATFORMS
  ruby

DEPENDENCIES
  bundler (~> 2.0)
  mock_redis (~> 0.21)
  rake (~> 13.0)
  rspec (~> 3.0)
  simplecov (~> 0.17)
  strait!
  timecop (~> 0.9)

BUNDLED WITH
   2.0.2
