PATH
  remote: .
  specs:
    strait (1.1.0)
      connection_pool (>= 2.0, < 3.0)
      redis (~> 4.0, >= 3.0)

GEM
  remote: https://rubygems.org/
  specs:
    connection_pool (2.2.5)
    diff-lcs (1.5.0)
    docile (1.4.0)
    mock_redis (0.31.0)
      ruby2_keywords
    rake (13.0.6)
    redis (4.6.0)
    rspec (3.11.0)
      rspec-core (~> 3.11.0)
      rspec-expectations (~> 3.11.0)
      rspec-mocks (~> 3.11.0)
    rspec-core (3.11.0)
      rspec-support (~> 3.11.0)
    rspec-expectations (3.11.0)
      diff-lcs (>= 1.2.0, < 2.0)
      rspec-support (~> 3.11.0)
    rspec-mocks (3.11.1)
      diff-lcs (>= 1.2.0, < 2.0)
      rspec-support (~> 3.11.0)
    rspec-support (3.11.0)
    ruby2_keywords (0.0.5)
    simplecov (0.21.2)
      docile (~> 1.1)
      simplecov-html (~> 0.11)
      simplecov_json_formatter (~> 0.1)
    simplecov-html (0.12.3)
    simplecov_json_formatter (0.1.4)
    timecop (0.9.5)

PLATFORMS
  ruby

DEPENDENCIES
  bundler (~> 2.0)
  mock_redis (~> 0.21)
  rake (~> 13.0)
  rspec (~> 3.0)
  simplecov (~> 0.17)
  strait!
  timecop (~> 0.9)

BUNDLED WITH
   2.3.13
